GEM
  remote: https://rubygems.org/
  specs:
    cairo (1.12.9)
      pkg-config (>= 1.1.5)
    json (1.8.1)
    little-plugger (1.1.3)
    logging (1.8.2)
      little-plugger (>= 1.1.3)
      multi_json (>= 1.8.4)
    multi_json (1.10.1)
    pkg-config (1.1.5)
    rdoc (4.1.2)
      json (~> 1.4)
    serialport (1.3.1)
    trollop (2.0)
    wiringpi2 (2.0.1)

PLATFORMS
  ruby

DEPENDENCIES
  bundler (>= 1.1.4)
  cairo (>= 1.12.9)
  logging (~> 1.8.2)
  pkg-config (>= 1.1.5)
  rdoc (>= 3.9.4)
  serialport (>= 1.3.1)
  trollop (>= 2.0)
  wiringpi2 (>= 2.0.1)
